GIT
  remote: git://github.com/hedgehog/ssh-forever.git
  revision: 6ea5a2c5fea4829a1952eab3eb1d58cf16269f2b
  branch: master
  specs:
    ssh-forever (0.4.0)
      open4 (>= 1.0.1)

PATH
  remote: .
  specs:
    cucumber-nagios (0.9.0)
      amqp (= 0.6.7)
      aruba (>= 0.3.3)
      bundler (~> 1.0.10)
      cucumber (>= 0.10.0)
      cuken (>= 0.1.0)
      mechanize (= 1.0.0)
      net-ssh (~> 2.1.0)
      rspec (>= 2.5.0)
      ssh-forever (>= 0.4.0)
      templater (>= 1.0.0)
      webrat (= 0.7.2)

GEM
  remote: http://rubygems.org/
  specs:
    amqp (0.6.7)
      eventmachine (>= 0.12.4)
    aruba (0.3.3)
      childprocess (~> 0.1.7)
      cucumber (~> 0.10)
      rspec (~> 2.5)
    builder (3.0.0)
    childprocess (0.1.7)
      ffi (~> 0.6.3)
    cucumber (0.10.0)
      builder (>= 2.1.2)
      diff-lcs (~> 1.1.2)
      gherkin (~> 2.3.2)
      json (~> 1.4.6)
      term-ansicolor (~> 1.0.5)
    cuken (0.1.1)
      aruba (~> 0.3.3)
      ssh-forever
    diff-lcs (1.1.2)
    eventmachine (0.12.10)
    extlib (0.9.15)
    ffi (0.6.3)
      rake (>= 0.8.7)
    gherkin (2.3.4)
      json (~> 1.4.6)
    highline (1.6.1)
    json (1.4.6)
    mechanize (1.0.0)
      nokogiri (>= 1.2.1)
    net-ssh (2.1.3)
    nokogiri (1.4.4)
    open4 (1.0.1)
    rack (1.2.2)
    rack-test (0.5.7)
      rack (>= 1.0)
    rake (0.8.7)
    rspec (2.5.0)
      rspec-core (~> 2.5.0)
      rspec-expectations (~> 2.5.0)
      rspec-mocks (~> 2.5.0)
    rspec-core (2.5.1)
    rspec-expectations (2.5.0)
      diff-lcs (~> 1.1.2)
    rspec-mocks (2.5.0)
    templater (1.0.0)
      diff-lcs (>= 1.1.2)
      extlib (>= 0.9.5)
      highline (>= 1.4.0)
    term-ansicolor (1.0.5)
    webrat (0.7.2)
      nokogiri (>= 1.2.0)
      rack (>= 1.0)
      rack-test (>= 0.5.3)

PLATFORMS
  ruby

DEPENDENCIES
  cucumber-nagios!
  rake (>= 0.8.3)
  ssh-forever (>= 0.4.0)!
